GIT
  remote: https://github.com/zolrath/marky_markov.git
  revision: 0a4fff7f10d385b815ffba0f43e5fce39c141ec6
  specs:
    marky_markov (0.3.4)
      ox (~> 1.4)

GEM
  remote: https://rubygems.org/
  specs:
    activemodel (4.0.1)
      activesupport (= 4.0.1)
      builder (~> 3.1.0)
    activesupport (4.0.1)
      i18n (~> 0.6, >= 0.6.4)
      minitest (~> 4.2)
      multi_json (~> 1.3)
      thread_safe (~> 0.1)
      tzinfo (~> 0.3.37)
    addressable (2.3.5)
    atomic (1.1.14)
    builder (3.1.4)
    ethon (0.6.1)
      ffi (>= 1.3.0)
      mime-types (~> 1.18)
    ffi (1.9.3)
    htmlentities (4.3.1)
    i18n (0.6.5)
    json (1.8.1)
    mime-types (1.25)
    mini_portile (0.5.2)
    minitest (4.7.5)
    multi_json (1.8.2)
    nokogiri (1.6.0)
      mini_portile (~> 0.5.0)
    ox (1.9.4)
    thread_safe (0.1.3)
      atomic
    typhoeus (0.6.6)
      ethon (~> 0.6.1)
    tzinfo (0.3.38)
    wordnik (4.12)
      activemodel (>= 3.0.3)
      addressable (>= 2.2.4)
      htmlentities (>= 4.2.4)
      json (>= 1.4.6)
      nokogiri (>= 1.4.4)
      typhoeus (>= 0.2.1)

PLATFORMS
  ruby

DEPENDENCIES
  marky_markov!
  wordnik
